PATH
  remote: .
  specs:
    heimdall_apm (0.1.0)

GEM
  remote: https://rubygems.org/
  specs:
    influxdb (0.5.1)
    minitest (5.11.3)
    mustermann (1.0.2)
    oj (3.3.10)
    puma (3.10.0)
    rack (2.0.5)
    rack-protection (2.0.3)
      rack
    rake (10.5.0)
    sinatra (2.0.3)
      mustermann (~> 1.0)
      rack (~> 2.0)
      rack-protection (= 2.0.3)
      tilt (~> 2.0)
    sinatra-cross_origin (0.4.0)
    tilt (2.0.8)

PLATFORMS
  ruby
  x86_64-darwin-16

DEPENDENCIES
  bundler (~> 1.16)
  heimdall_apm!
  influxdb
  minitest (~> 5.0)
  oj
  puma
  rake (~> 10.0)
  sinatra
  sinatra-cross_origin

BUNDLED WITH
   1.16.1
